GEM
  remote: https://rubygems.org/
  specs:
    nokogiri (1.5.5)
    pg (0.14.1)
    rack (1.4.1)
    rack-protection (1.2.0)
      rack
    sinatra (1.3.3)
      rack (~> 1.3, >= 1.3.6)
      rack-protection (~> 1.2)
      tilt (~> 1.3, >= 1.3.3)
    sinatra-activerecord (0.1.3)
      sinatra (>= 0.9.4)
    tilt (1.3.3)

PLATFORMS
  ruby

DEPENDENCIES
  nokogiri (= 1.5.5)
  pg (= 0.14.1)
  sinatra (= 1.3.3)
  sinatra-activerecord (= 0.1.3)
